GEM
  remote: https://rubygems.org/
  specs:
    addressable (2.3.8)
    awesome_print (1.7.0)
    json (1.8.6)
    mime-types (1.25.1)
    minitest (5.10.1)
    rake (12.0.0)
    rest-client (1.6.9)
      mime-types (~> 1.16)
    unirest (1.1.2)
      addressable (~> 2.3.5)
      json (~> 1.8.1)
      rest-client (~> 1.6.7)

PLATFORMS
  ruby

DEPENDENCIES
  awesome_print
  minitest
  rake
  unirest

BUNDLED WITH
   1.14.6
