GEM
  remote: https://rubygems.org/
  specs:
    activemodel (4.2.8)
      activesupport (= 4.2.8)
      builder (~> 3.1)
    activesupport (4.2.8)
      i18n (~> 0.7)
      minitest (~> 5.1)
      thread_safe (~> 0.3, >= 0.3.4)
      tzinfo (~> 1.1)
    addressable (2.3.8)
    awesome_print (1.7.0)
    builder (3.2.3)
    i18n (0.8.1)
    json (1.8.6)
    mime-types (1.25.1)
    minitest (5.10.1)
    plissken (0.3.0)
      symbolize (~> 4.2)
    rake (12.0.0)
    rest-client (1.6.9)
      mime-types (~> 1.16)
    symbolize (4.5.2)
      activemodel (>= 3.2, < 5)
      activesupport (>= 3.2, < 5)
      i18n
    thread_safe (0.3.6)
    tzinfo (1.2.3)
      thread_safe (~> 0.1)
    unirest (1.1.2)
      addressable (~> 2.3.5)
      json (~> 1.8.1)
      rest-client (~> 1.6.7)

PLATFORMS
  ruby

DEPENDENCIES
  awesome_print
  minitest
  plissken
  rake
  unirest

BUNDLED WITH
   1.14.6
